GEM
  remote: https://rubygems.org/
  specs:
    httpclient (2.8.0)

PLATFORMS
  ruby

DEPENDENCIES
  httpclient (~> 2.8)

BUNDLED WITH
   1.11.2
