GEM
  remote: https://rubygems.org/
  specs:
    httpclient (2.8.3)

PLATFORMS
  ruby

DEPENDENCIES
  httpclient (~> 2.8)

RUBY VERSION
   ruby 2.6.5p114

BUNDLED WITH
   2.1.4
