GEM
  remote: https://rubygems.org/
  specs:
    httpclient (2.8.3)

PLATFORMS
  ruby

DEPENDENCIES
  httpclient (~> 2.8)

RUBY VERSION
   ruby 2.3.0p0

BUNDLED WITH
   1.14.3
